PATH
  remote: .
  specs:
    sidekiq-daemon (0.1.0)
      mlanett-redis-lock (~> 0.2.7)
      redis (~> 4.0.1)
      sidekiq (~> 5.1.3)

GEM
  remote: https://rubygems.org/
  specs:
    ast (2.4.0)
    byebug (10.0.2)
    concurrent-ruby (1.0.5)
    connection_pool (2.2.2)
    mlanett-redis-lock (0.2.7)
      redis
    parallel (1.12.1)
    parser (2.5.1.0)
      ast (~> 2.4.0)
    powerpack (0.1.1)
    rack (2.0.5)
    rack-protection (2.0.2)
      rack
    rainbow (3.0.0)
    redis (4.0.1)
    rubocop (0.56.0)
      parallel (~> 1.10)
      parser (>= 2.5)
      powerpack (~> 0.1)
      rainbow (>= 2.2.2, < 4.0)
      ruby-progressbar (~> 1.7)
      unicode-display_width (~> 1.0, >= 1.0.1)
    ruby-progressbar (1.9.0)
    sidekiq (5.1.3)
      concurrent-ruby (~> 1.0)
      connection_pool (~> 2.2, >= 2.2.0)
      rack-protection (>= 1.5.0)
      redis (>= 3.3.5, < 5)
    unicode-display_width (1.4.0)

PLATFORMS
  ruby

DEPENDENCIES
  byebug
  rubocop
  sidekiq-daemon!

BUNDLED WITH
   1.16.1
